GEM
  remote: http://rubygems.org/
  specs:
    cane (1.4.0)
    diff-lcs (1.1.3)
    oauth (0.4.6)
    rake (0.9.2.2)
    rspec (2.11.0)
      rspec-core (~> 2.11.0)
      rspec-expectations (~> 2.11.0)
      rspec-mocks (~> 2.11.0)
    rspec-core (2.11.1)
    rspec-expectations (2.11.2)
      diff-lcs (~> 1.1.3)
    rspec-mocks (2.11.2)

PLATFORMS
  ruby

DEPENDENCIES
  cane
  oauth
  rake
  rspec
